GEM
  remote: http://rubygems.org/
  specs:
    ZenTest (4.9.0)
    activesupport (3.2.12)
      i18n (~> 0.6)
      multi_json (~> 1.0)
    autotest (4.4.6)
      ZenTest (>= 4.4.1)
    i18n (0.6.4)
    minitest (4.6.2)
    minitest-ci (2.4.0)
      minitest (>= 3.0, < 5.0)
    multi_json (1.6.1)
    rake (10.0.3)
    rr (1.0.4)
    simplecov (0.7.1)
      multi_json (~> 1.0)
      simplecov-html (~> 0.7.1)
    simplecov-html (0.7.1)

PLATFORMS
  ruby

DEPENDENCIES
  activesupport
  autotest
  minitest
  minitest-ci
  rake
  rr
  simplecov
